GIT
  remote: https://github.com/sinatra/sinatra.git
  revision: e45cd2e2cb7ee3cdd5a91667bc91f383211482c3
  specs:
    sinatra (1.4.5)
      rack (~> 1.4)
      rack-protection (~> 1.4)
      tilt (>= 1.3, < 3)

GEM
  remote: https://rubygems.org/
  specs:
    rack (1.6.0)
    rack-protection (1.5.3)
      rack
    sinatra-flash (0.3.0)
      sinatra (>= 1.0.0)
    tilt (2.0.1)

PLATFORMS
  ruby

DEPENDENCIES
  sinatra!
  sinatra-flash
