GEM
  remote: https://rubygems.org/
  specs:
    hbase-stargate (1.6.1)
      patron
      yajl-ruby
    patron (0.5.0)
    thor (0.19.1)
    yajl-ruby (1.2.1)

PLATFORMS
  ruby

DEPENDENCIES
  hbase-stargate
  thor

BUNDLED WITH
   1.10.6
