GEM
  remote: https://rubygems.org/
  specs:
    actionmailer (4.0.2)
      actionpack (= 4.0.2)
      mail (~> 2.5.4)
    actionpack (4.0.2)
      activesupport (= 4.0.2)
      builder (~> 3.1.0)
      erubis (~> 2.7.0)
      rack (~> 1.5.2)
      rack-test (~> 0.6.2)
    activemodel (4.0.2)
      activesupport (= 4.0.2)
      builder (~> 3.1.0)
    activerecord (4.0.2)
      activemodel (= 4.0.2)
      activerecord-deprecated_finders (~> 1.0.2)
      activesupport (= 4.0.2)
      arel (~> 4.0.0)
    activerecord-deprecated_finders (1.0.3)
    activesupport (4.0.2)
      i18n (~> 0.6, >= 0.6.4)
      minitest (~> 4.2)
      multi_json (~> 1.3)
      thread_safe (~> 0.1)
      tzinfo (~> 0.3.37)
    arel (4.0.1)
    atomic (1.1.14)
    builder (3.1.4)
    capybara (2.4.3)
      mime-types (>= 1.16)
      nokogiri (>= 1.3.3)
      rack (>= 1.0.0)
      rack-test (>= 0.5.4)
      xpath (~> 2.0)
    celluloid (0.15.2)
      timers (~> 1.1.0)
    cliver (0.3.2)
    coderay (1.1.0)
    coffee-rails (4.0.1)
      coffee-script (>= 2.2.0)
      railties (>= 4.0.0, < 5.0)
    coffee-script (2.2.0)
      coffee-script-source
      execjs
    coffee-script-source (1.6.3)
    connection_pool (2.0.0)
    erubis (2.7.0)
    execjs (2.0.2)
    hike (1.2.3)
    i18n (0.6.9)
    icalendar (2.2.0)
    jbuilder (1.5.3)
      activesupport (>= 3.0.0)
      multi_json (>= 1.2.0)
    jquery-rails (3.0.4)
      railties (>= 3.0, < 5.0)
      thor (>= 0.14, < 2.0)
    json (1.8.1)
    mail (2.5.4)
      mime-types (~> 1.16)
      treetop (~> 1.4.8)
    method_source (0.8.2)
    mime-types (1.25.1)
    mini_portile (0.6.0)
    minitest (4.7.5)
    multi_json (1.8.2)
    nokogiri (1.6.3.1)
      mini_portile (= 0.6.0)
    nokogiri (1.6.3.1-x86-mingw32)
      mini_portile (= 0.6.0)
    poltergeist (1.5.1)
      capybara (~> 2.1)
      cliver (~> 0.3.1)
      multi_json (~> 1.0)
      websocket-driver (>= 0.2.0)
    polyglot (0.3.3)
    pry (0.10.1)
      coderay (~> 1.1.0)
      method_source (~> 0.8.1)
      slop (~> 3.4)
    pry (0.10.1-x86-mingw32)
      coderay (~> 1.1.0)
      method_source (~> 0.8.1)
      slop (~> 3.4)
      win32console (~> 1.3)
    pry-nav (0.2.4)
      pry (>= 0.9.10, < 0.11.0)
    rack (1.5.2)
    rack-test (0.6.2)
      rack (>= 1.0)
    rails (4.0.2)
      actionmailer (= 4.0.2)
      actionpack (= 4.0.2)
      activerecord (= 4.0.2)
      activesupport (= 4.0.2)
      bundler (>= 1.3.0, < 2.0)
      railties (= 4.0.2)
      sprockets-rails (~> 2.0.0)
    railties (4.0.2)
      actionpack (= 4.0.2)
      activesupport (= 4.0.2)
      rake (>= 0.8.7)
      thor (>= 0.18.1, < 2.0)
    rake (10.1.0)
    rdoc (3.12.2)
      json (~> 1.4)
    redis (3.1.0)
    redis-namespace (1.5.1)
      redis (~> 3.0, >= 3.0.4)
    ri_cal (0.8.8)
    sass (3.2.12)
    sass-rails (4.0.1)
      railties (>= 4.0.0, < 5.0)
      sass (>= 3.1.10)
      sprockets-rails (~> 2.0.0)
    sdoc (0.3.20)
      json (>= 1.1.3)
      rdoc (~> 3.10)
    sidekiq (3.2.5)
      celluloid (= 0.15.2)
      connection_pool (>= 2.0.0)
      json
      redis (>= 3.0.6)
      redis-namespace (>= 1.3.1)
    slop (3.6.0)
    sprockets (2.10.1)
      hike (~> 1.2)
      multi_json (~> 1.0)
      rack (~> 1.0)
      tilt (~> 1.1, != 1.3.0)
    sprockets-rails (2.0.1)
      actionpack (>= 3.0)
      activesupport (>= 3.0)
      sprockets (~> 2.8)
    sqlite3 (1.3.8)
    sqlite3 (1.3.8-x86-mingw32)
    thor (0.18.1)
    thread_safe (0.1.3)
      atomic
    tilt (1.4.1)
    timers (1.1.0)
    treetop (1.4.15)
      polyglot
      polyglot (>= 0.3.1)
    turbolinks (2.0.0)
      coffee-rails
    tzinfo (0.3.38)
    uglifier (2.3.3)
      execjs (>= 0.3.0)
      json (>= 1.8.0)
    websocket-driver (0.3.4)
    win32console (1.3.2-x86-mingw32)
    xpath (2.0.0)
      nokogiri (~> 1.3)

PLATFORMS
  ruby
  x86-mingw32

DEPENDENCIES
  capybara
  coffee-rails (~> 4.0.0)
  icalendar
  jbuilder (~> 1.2)
  jquery-rails
  nokogiri
  poltergeist
  pry-nav
  rails (= 4.0.2)
  redis
  ri_cal
  sass-rails (~> 4.0.0)
  sdoc
  sidekiq
  sqlite3
  turbolinks
  uglifier (>= 1.3.0)
