GEM
  remote: https://rubygems.org/
  specs:
    activemodel (4.2.0)
      activesupport (= 4.2.0)
      builder (~> 3.1)
    activerecord (4.2.0)
      activemodel (= 4.2.0)
      activesupport (= 4.2.0)
      arel (~> 6.0)
    activesupport (4.2.0)
      i18n (~> 0.7)
      json (~> 1.7, >= 1.7.7)
      minitest (~> 5.1)
      thread_safe (~> 0.3, >= 0.3.4)
      tzinfo (~> 1.1)
    addressable (2.3.6)
    arel (6.0.0)
    backports (3.6.4)
    bcrypt (3.1.9)
    bcrypt-ruby (3.1.5)
      bcrypt (>= 3.1.3)
    builder (3.2.2)
    capistrano (2.14.2)
      highline
      net-scp (>= 1.0.0)
      net-sftp (>= 2.0.0)
      net-ssh (>= 2.0.14)
      net-ssh-gateway (>= 1.1.0)
    capybara (2.1.0)
      mime-types (>= 1.16)
      nokogiri (>= 1.3.3)
      rack (>= 1.0.0)
      rack-test (>= 0.5.4)
      xpath (~> 2.0)
    capybara-angular (0.1.0)
      capybara
    capybara-webkit (1.1.1)
      capybara (>= 2.0.2, < 2.2.0)
      json
    childprocess (0.5.5)
      ffi (~> 1.0, >= 1.0.11)
    cliver (0.3.2)
    coderay (1.1.0)
    cucumber (1.3.18)
      builder (>= 2.1.2)
      diff-lcs (>= 1.1.3)
      gherkin (~> 2.12)
      multi_json (>= 1.7.5, < 2.0)
      multi_test (>= 0.1.1)
    cucumber-sinatra (0.5.0)
      templater (>= 1.0.0)
    data_objects (0.10.14)
      addressable (~> 2.1)
    datamapper (1.2.0)
      dm-aggregates (~> 1.2.0)
      dm-constraints (~> 1.2.0)
      dm-core (~> 1.2.0)
      dm-migrations (~> 1.2.0)
      dm-serializer (~> 1.2.0)
      dm-timestamps (~> 1.2.0)
      dm-transactions (~> 1.2.0)
      dm-types (~> 1.2.0)
      dm-validations (~> 1.2.0)
    diff-lcs (1.2.5)
    dm-aggregates (1.2.0)
      dm-core (~> 1.2.0)
    dm-constraints (1.2.0)
      dm-core (~> 1.2.0)
    dm-core (1.2.1)
      addressable (~> 2.3)
    dm-do-adapter (1.2.0)
      data_objects (~> 0.10.6)
      dm-core (~> 1.2.0)
    dm-migrations (1.2.0)
      dm-core (~> 1.2.0)
    dm-serializer (1.2.2)
      dm-core (~> 1.2.0)
      fastercsv (~> 1.5)
      json (~> 1.6)
      json_pure (~> 1.6)
      multi_json (~> 1.0)
    dm-sqlite-adapter (1.2.0)
      dm-do-adapter (~> 1.2.0)
      do_sqlite3 (~> 0.10.6)
    dm-timestamps (1.2.0)
      dm-core (~> 1.2.0)
    dm-transactions (1.2.0)
      dm-core (~> 1.2.0)
    dm-types (1.2.2)
      bcrypt-ruby (~> 3.0)
      dm-core (~> 1.2.0)
      fastercsv (~> 1.5)
      json (~> 1.6)
      multi_json (~> 1.0)
      stringex (~> 1.4)
      uuidtools (~> 2.1)
    dm-validations (1.2.0)
      dm-core (~> 1.2.0)
    do_sqlite3 (0.10.14)
      data_objects (= 0.10.14)
    extlib (0.9.16)
    fastercsv (1.5.5)
    ffi (1.9.6)
    gherkin (2.12.2)
      multi_json (~> 1.3)
    haml (3.1.7)
    highline (1.6.21)
    hike (1.2.3)
    i18n (0.7.0)
    json (1.8.2)
    json_pure (1.8.2)
    launchy (2.4.3)
      addressable (~> 2.3)
    method_source (0.8.2)
    mime-types (2.4.3)
    mini_portile (0.6.2)
    minitest (5.5.1)
    multi_json (1.10.1)
    multi_test (0.1.1)
    net-scp (1.2.1)
      net-ssh (>= 2.6.5)
    net-sftp (2.1.2)
      net-ssh (>= 2.6.5)
    net-ssh (2.9.2)
    net-ssh-gateway (1.2.0)
      net-ssh (>= 2.6.5)
    nokogiri (1.6.6.2)
      mini_portile (~> 0.6.0)
    poltergeist (1.5.1)
      capybara (~> 2.1)
      cliver (~> 0.3.1)
      multi_json (~> 1.0)
      websocket-driver (>= 0.2.0)
    pry (0.10.1)
      coderay (~> 1.1.0)
      method_source (~> 0.8.1)
      slop (~> 3.4)
    rack (1.6.0)
    rack-protection (1.5.3)
      rack
    rack-test (0.6.3)
      rack (>= 1.0)
    rake (10.4.2)
    rspec (3.1.0)
      rspec-core (~> 3.1.0)
      rspec-expectations (~> 3.1.0)
      rspec-mocks (~> 3.1.0)
    rspec-core (3.1.7)
      rspec-support (~> 3.1.0)
    rspec-expectations (3.1.2)
      diff-lcs (>= 1.2.0, < 2.0)
      rspec-support (~> 3.1.0)
    rspec-mocks (3.1.3)
      rspec-support (~> 3.1.0)
    rspec-support (3.1.2)
    rubyzip (1.1.6)
    sass (3.2.1)
    selenium-webdriver (2.44.0)
      childprocess (~> 0.5)
      multi_json (~> 1.0)
      rubyzip (~> 1.0)
      websocket (~> 1.0)
    shotgun (0.9)
      rack (>= 1.0)
    sinatra (1.4.5)
      rack (~> 1.4)
      rack-protection (~> 1.4)
      tilt (~> 1.3, >= 1.3.4)
    sinatra-activerecord (2.0.4)
      activerecord (>= 3.2)
      sinatra (~> 1.0)
    sinatra-contrib (1.4.2)
      backports (>= 2.0)
      multi_json
      rack-protection
      rack-test
      sinatra (~> 1.4.0)
      tilt (~> 1.3)
    sinatra-sprockets-ext (0.0.5)
      sprockets
    slop (3.6.0)
    sprockets (2.12.3)
      hike (~> 1.2)
      multi_json (~> 1.0)
      rack (~> 1.0)
      tilt (~> 1.1, != 1.3.0)
    sqlite3 (1.3.10)
    stringex (1.5.1)
    templater (1.0.0)
      diff-lcs (>= 1.1.2)
      extlib (>= 0.9.5)
      highline (>= 1.4.0)
    thread_safe (0.3.4)
    tilt (1.4.1)
    timecop (0.7.1)
    tzinfo (1.2.2)
      thread_safe (~> 0.1)
    uuidtools (2.1.5)
    websocket (1.2.1)
    websocket-driver (0.5.1)
      websocket-extensions (>= 0.1.0)
    websocket-extensions (0.1.1)
    xpath (2.0.0)
      nokogiri (~> 1.3)

PLATFORMS
  ruby

DEPENDENCIES
  capistrano (= 2.14.2)
  capybara
  capybara-angular
  capybara-webkit (~> 1.1.0)
  cucumber
  cucumber-sinatra
  datamapper
  dm-sqlite-adapter
  haml (= 3.1.7)
  launchy
  nokogiri
  poltergeist
  pry
  rack-test
  rake
  rspec
  rspec-expectations
  sass (= 3.2.1)
  selenium-webdriver
  shotgun (= 0.9)
  sinatra
  sinatra-activerecord
  sinatra-contrib
  sinatra-sprockets-ext
  sqlite3
  timecop
  xpath
