GEM
  remote: https://rubygems.org/
  specs:
    abanalyzer (0.1.0)
      statistics2 (>= 0.54)
    statistics2 (0.54)

PLATFORMS
  ruby

DEPENDENCIES
  abanalyzer

BUNDLED WITH
   1.10.6
