GEM
  remote: https://rubygems.org/
  specs:
    abanalyzer (0.1.0)
      statistics2 (>= 0.54)
    diff-lcs (1.2.5)
    rspec (3.3.0)
      rspec-core (~> 3.3.0)
      rspec-expectations (~> 3.3.0)
      rspec-mocks (~> 3.3.0)
    rspec-core (3.3.2)
      rspec-support (~> 3.3.0)
    rspec-expectations (3.3.1)
      diff-lcs (>= 1.2.0, < 2.0)
      rspec-support (~> 3.3.0)
    rspec-mocks (3.3.2)
      diff-lcs (>= 1.2.0, < 2.0)
      rspec-support (~> 3.3.0)
    rspec-support (3.3.0)
    statistics2 (0.54)

PLATFORMS
  ruby

DEPENDENCIES
  abanalyzer
  rspec

BUNDLED WITH
   1.10.6
