GEM
  remote: https://rubygems.org/
  specs:
    actionmailer (4.2.0.beta2)
      actionpack (= 4.2.0.beta2)
      actionview (= 4.2.0.beta2)
      activejob (= 4.2.0.beta2)
      mail (~> 2.5, >= 2.5.4)
      rails-dom-testing (~> 1.0, >= 1.0.3)
    actionpack (4.2.0.beta2)
      actionview (= 4.2.0.beta2)
      activesupport (= 4.2.0.beta2)
      rack (~> 1.6.0.beta)
      rack-test (~> 0.6.2)
      rails-dom-testing (~> 1.0, >= 1.0.3)
      rails-html-sanitizer (~> 1.0, >= 1.0.1)
    actionview (4.2.0.beta2)
      activesupport (= 4.2.0.beta2)
      builder (~> 3.1)
      erubis (~> 2.7.0)
      rails-dom-testing (~> 1.0, >= 1.0.3)
      rails-html-sanitizer (~> 1.0, >= 1.0.1)
    activejob (4.2.0.beta2)
      activesupport (= 4.2.0.beta2)
      globalid (>= 0.3.0)
    activemodel (4.2.0.beta2)
      activesupport (= 4.2.0.beta2)
      builder (~> 3.1)
    activerecord (4.2.0.beta2)
      activemodel (= 4.2.0.beta2)
      activesupport (= 4.2.0.beta2)
      arel (>= 6.0.0.beta1, < 6.1)
    activesupport (4.2.0.beta2)
      i18n (>= 0.7.0.beta1, < 0.8)
      json (~> 1.7, >= 1.7.7)
      minitest (~> 5.1)
      thread_safe (~> 0.1)
      tzinfo (~> 1.1)
    addressable (2.3.6)
    arel (6.0.0.beta1)
    bcrypt (3.1.9)
    binding_of_caller (0.7.3.pre1)
      debug_inspector (>= 0.0.1)
    builder (3.2.2)
    byebug (3.5.1)
      columnize (~> 0.8)
      debugger-linecache (~> 1.2)
      slop (~> 3.6)
    capybara (2.4.4)
      mime-types (>= 1.16)
      nokogiri (>= 1.3.3)
      rack (>= 1.0.0)
      rack-test (>= 0.5.4)
      xpath (~> 2.0)
    celluloid (0.15.2)
      timers (~> 1.1.0)
    chronic (0.10.2)
    coderay (1.1.0)
    coffee-rails (4.0.1)
      coffee-script (>= 2.2.0)
      railties (>= 4.0.0, < 5.0)
    coffee-script (2.3.0)
      coffee-script-source
      execjs
    coffee-script-source (1.8.0)
    columnize (0.8.9)
    connection_pool (2.0.0)
    crack (0.4.2)
      safe_yaml (~> 1.0.0)
    cucumber (1.3.17)
      builder (>= 2.1.2)
      diff-lcs (>= 1.1.3)
      gherkin (~> 2.12)
      multi_json (>= 1.7.5, < 2.0)
      multi_test (>= 0.1.1)
    cucumber-rails (1.4.2)
      capybara (>= 1.1.2, < 3)
      cucumber (>= 1.3.8, < 2)
      mime-types (>= 1.16, < 3)
      nokogiri (~> 1.5)
      rails (>= 3, < 5)
    database_cleaner (1.3.0)
    debug_inspector (0.0.2)
    debugger-linecache (1.2.0)
    devise (3.4.1)
      bcrypt (~> 3.0)
      orm_adapter (~> 0.1)
      railties (>= 3.2.6, < 5)
      responders
      thread_safe (~> 0.1)
      warden (~> 1.2.3)
    diff-lcs (1.2.5)
    erubis (2.7.0)
    execjs (2.2.2)
    factory_girl (4.5.0)
      activesupport (>= 3.0.0)
    factory_girl_rails (4.5.0)
      factory_girl (~> 4.5.0)
      railties (>= 3.0.0)
    faker (1.4.3)
      i18n (~> 0.5)
    geocoder (1.2.6)
    gherkin (2.12.2)
      multi_json (~> 1.3)
    globalid (0.3.0)
      activesupport (>= 4.1.0)
    hike (1.2.3)
    i18n (0.7.0.beta1)
    jbuilder (2.2.4)
      activesupport (>= 3.0.0, < 5)
      multi_json (~> 1.2)
    jquery-rails (4.0.0.beta2)
      rails-dom-testing (~> 1.0)
      railties (>= 4.2.0.beta, < 5.0)
      thor (>= 0.14, < 2.0)
    json (1.8.1)
    loofah (2.0.1)
      nokogiri (>= 1.5.9)
    mail (2.6.1)
      mime-types (>= 1.16, < 3)
    method_source (0.8.2)
    mime-types (2.4.3)
    mini_portile (0.6.0)
    minitest (5.4.2)
    multi_json (1.10.1)
    multi_test (0.1.1)
    netrc (0.8.0)
    nokogiri (1.6.3.1)
      mini_portile (= 0.6.0)
    orm_adapter (0.5.0)
    pry (0.10.1)
      coderay (~> 1.1.0)
      method_source (~> 0.8.1)
      slop (~> 3.4)
    pry-nav (0.2.4)
      pry (>= 0.9.10, < 0.11.0)
    pry-rails (0.3.2)
      pry (>= 0.9.10)
    rack (1.6.0.beta)
    rack-test (0.6.2)
      rack (>= 1.0)
    rails (4.2.0.beta2)
      actionmailer (= 4.2.0.beta2)
      actionpack (= 4.2.0.beta2)
      actionview (= 4.2.0.beta2)
      activejob (= 4.2.0.beta2)
      activemodel (= 4.2.0.beta2)
      activerecord (= 4.2.0.beta2)
      activesupport (= 4.2.0.beta2)
      bundler (>= 1.3.0, < 2.0)
      railties (= 4.2.0.beta2)
      sprockets-rails (~> 3.0.0.beta1)
    rails-deprecated_sanitizer (1.0.3)
      activesupport (>= 4.2.0.alpha)
    rails-dom-testing (1.0.4)
      activesupport (>= 4.2.0.beta, < 5.0)
      nokogiri (~> 1.6.0)
      rails-deprecated_sanitizer (>= 1.0.1)
    rails-html-sanitizer (1.0.1)
      loofah (~> 2.0)
    railties (4.2.0.beta2)
      actionpack (= 4.2.0.beta2)
      activesupport (= 4.2.0.beta2)
      rake (>= 0.8.7)
      thor (>= 0.18.1, < 2.0)
    rake (10.3.2)
    rdoc (4.1.2)
      json (~> 1.4)
    redis (3.1.0)
    redis-namespace (1.5.1)
      redis (~> 3.0, >= 3.0.4)
    responders (2.0.2)
      railties (>= 4.2.0.alpha, < 5)
    rest-client (1.7.2)
      mime-types (>= 1.16, < 3.0)
      netrc (~> 0.7)
    rspec-core (3.1.7)
      rspec-support (~> 3.1.0)
    rspec-expectations (3.1.2)
      diff-lcs (>= 1.2.0, < 2.0)
      rspec-support (~> 3.1.0)
    rspec-its (1.1.0)
      rspec-core (>= 3.0.0)
      rspec-expectations (>= 3.0.0)
    rspec-mocks (3.1.3)
      rspec-support (~> 3.1.0)
    rspec-rails (3.1.0)
      actionpack (>= 3.0)
      activesupport (>= 3.0)
      railties (>= 3.0)
      rspec-core (~> 3.1.0)
      rspec-expectations (~> 3.1.0)
      rspec-mocks (~> 3.1.0)
      rspec-support (~> 3.1.0)
    rspec-support (3.1.2)
    safe_yaml (1.0.4)
    sass (3.4.6)
    sass-rails (5.0.0.beta1)
      railties (>= 4.0.0, < 5.0)
      sass (~> 3.2)
      sprockets (~> 2.12)
      sprockets-rails (>= 2.0, < 4.0)
    sdoc (0.4.1)
      json (~> 1.7, >= 1.7.7)
      rdoc (~> 4.0)
    shoulda-matchers (2.7.0)
      activesupport (>= 3.0.0)
    sidekiq (3.2.6)
      celluloid (= 0.15.2)
      connection_pool (>= 2.0.0)
      json
      redis (>= 3.0.6)
      redis-namespace (>= 1.3.1)
    slop (3.6.0)
    spring (1.1.3)
    sprockets (2.12.2)
      hike (~> 1.2)
      multi_json (~> 1.0)
      rack (~> 1.0)
      tilt (~> 1.1, != 1.3.0)
    sprockets-rails (3.0.0.beta1)
      actionpack (>= 4.0)
      activesupport (>= 4.0)
      sprockets (~> 2.8)
    sqlite3 (1.3.9)
    thor (0.19.1)
    thread_safe (0.3.4)
    tilt (1.4.1)
    timers (1.1.0)
    turbolinks (2.5.1)
      coffee-rails
    tzinfo (1.2.2)
      thread_safe (~> 0.1)
    uglifier (2.5.3)
      execjs (>= 0.3.0)
      json (>= 1.8.0)
    vcr (2.9.3)
    warden (1.2.3)
      rack (>= 1.0)
    web-console (2.0.0.beta4)
      activemodel (~> 4.0)
      binding_of_caller (= 0.7.3.pre1)
      railties (~> 4.0)
      sprockets-rails (>= 2.0, < 4.0)
    webmock (1.20.2)
      addressable (>= 2.3.6)
      crack (>= 0.3.2)
    whenever (0.9.4)
      chronic (>= 0.6.3)
    xpath (2.0.0)
      nokogiri (~> 1.3)

PLATFORMS
  ruby

DEPENDENCIES
  byebug
  coffee-rails (~> 4.0.0)
  cucumber-rails
  database_cleaner
  devise
  factory_girl_rails
  faker
  geocoder
  jbuilder (~> 2.0)
  jquery-rails (~> 4.0.0.beta2)
  pry-nav
  pry-rails
  rails (= 4.2.0.beta2)
  rest-client
  rspec-its
  rspec-rails
  sass-rails (~> 5.0.0.beta1)
  sdoc (~> 0.4.0)
  shoulda-matchers
  sidekiq
  spring
  sqlite3
  turbolinks
  uglifier (>= 1.3.0)
  vcr
  web-console (~> 2.0.0.beta4)
  webmock
  whenever
