GEM
  remote: https://rubygems.org/
  specs:
    coderay (1.1.0)
    faker (1.4.3)
      i18n (~> 0.5)
    i18n (0.6.11)
    method_source (0.8.2)
    pg (0.17.1)
    pry (0.10.0)
      coderay (~> 1.1.0)
      method_source (~> 0.8.1)
      slop (~> 3.4)
    slop (3.6.0)

PLATFORMS
  ruby

DEPENDENCIES
  faker
  pg
  pry
