GEM
  remote: https://rubygems.org/
  specs:
    table_print (1.5.3)

PLATFORMS
  ruby

DEPENDENCIES
  table_print
